PATH
  remote: .
  specs:
    fluent-plugin-deidentify (0.1.0)
      fluentd (>= 1, < 2)

GEM
  remote: https://rubygems.org/
  specs:
    concurrent-ruby (1.1.8)
    cool.io (1.7.0)
    fluentd (1.12.0)
      bundler
      cool.io (>= 1.4.5, < 2.0.0)
      http_parser.rb (>= 0.5.1, < 0.7.0)
      msgpack (>= 1.3.1, < 2.0.0)
      serverengine (>= 2.2.2, < 3.0.0)
      sigdump (~> 0.2.2)
      strptime (>= 0.2.2, < 1.0.0)
      tzinfo (>= 1.0, < 3.0)
      tzinfo-data (~> 1.0)
      yajl-ruby (~> 1.0)
    http_parser.rb (0.6.0)
    msgpack (1.4.2)
    power_assert (2.0.0)
    rake (12.3.3)
    serverengine (2.2.2)
      sigdump (~> 0.2.2)
    sigdump (0.2.4)
    strptime (0.2.5)
    test-unit (3.4.0)
      power_assert
    tzinfo (2.0.4)
      concurrent-ruby (~> 1.0)
    tzinfo-data (1.2021.1)
      tzinfo (>= 1.0.0)
    yajl-ruby (1.4.1)

PLATFORMS
  x86_64-darwin-20
  x86_64-linux

DEPENDENCIES
  bundler (~> 2.2.9)
  fluent-plugin-deidentify!
  fluentd (~> 1.12)
  rake (~> 12.0)
  test-unit (~> 3.0)

BUNDLED WITH
   2.2.11
